GEM
  remote: https://rubygems.org/
  specs:
    CFPropertyList (2.3.2)
    activesupport (4.2.5.1)
      i18n (~> 0.7)
      json (~> 1.7, >= 1.7.7)
      minitest (~> 5.1)
      thread_safe (~> 0.3, >= 0.3.4)
      tzinfo (~> 1.1)
    addressable (2.3.8)
    axiom-types (0.1.1)
      descendants_tracker (~> 0.0.4)
      ice_nine (~> 0.11.0)
      thread_safe (~> 0.3, >= 0.3.1)
    berkshelf (4.3.5)
      addressable (~> 2.3, >= 2.3.4)
      berkshelf-api-client (~> 2.0, >= 2.0.2)
      buff-config (~> 1.0)
      buff-extensions (~> 1.0)
      buff-shell_out (~> 0.1)
      celluloid (= 0.16.0)
      celluloid-io (~> 0.16.1)
      cleanroom (~> 1.0)
      faraday (~> 0.9)
      httpclient (~> 2.7)
      minitar (~> 0.5, >= 0.5.4)
      mixlib-archive (~> 0.1)
      octokit (~> 4.0)
      retryable (~> 2.0)
      ridley (~> 4.5)
      solve (~> 2.0)
      thor (~> 0.19)
    berkshelf-api-client (2.0.2)
      faraday (~> 0.9.1)
      httpclient (~> 2.7.0)
      ridley (~> 4.5)
    bigdecimal (1.2.6)
    buff-config (1.0.1)
      buff-extensions (~> 1.0)
      varia_model (~> 0.4)
    buff-extensions (1.0.0)
    buff-ignore (1.1.1)
    buff-ruby_engine (0.1.0)
    buff-shell_out (0.2.0)
      buff-ruby_engine (~> 0.1.0)
    builder (3.2.2)
    celluloid (0.16.0)
      timers (~> 4.0.0)
    celluloid-io (0.16.2)
      celluloid (>= 0.16.0)
      nio4r (>= 1.1.0)
    chef (12.11.18)
      bundler (>= 1.10)
      chef-config (= 12.11.18)
      chef-zero (~> 4.5)
      diff-lcs (~> 1.2, >= 1.2.4)
      erubis (~> 2.7)
      ffi-yajl (~> 2.2)
      highline (~> 1.6, >= 1.6.9)
      iniparse (~> 1.4)
      mixlib-authentication (~> 1.4)
      mixlib-cli (~> 1.4)
      mixlib-log (~> 1.3)
      mixlib-shellout (~> 2.0)
      net-sftp (~> 2.1, >= 2.1.2)
      net-ssh (>= 2.9, < 4.0)
      net-ssh-multi (~> 1.1)
      ohai (>= 8.6.0.alpha.1, < 9)
      plist (~> 3.2)
      proxifier (~> 1.0)
      rspec-core (~> 3.4)
      rspec-expectations (~> 3.4)
      rspec-mocks (~> 3.4)
      rspec_junit_formatter (~> 0.2.0)
      serverspec (~> 2.7)
      specinfra (~> 2.10)
      syslog-logger (~> 1.6)
      uuidtools (~> 2.1.5)
    chef-config (12.11.18)
      fuzzyurl (~> 0.8.0)
      mixlib-config (~> 2.0)
      mixlib-shellout (~> 2.0)
    chef-zero (4.5.0)
      ffi-yajl (~> 2.2)
      hashie (>= 2.0, < 4.0)
      mixlib-log (~> 1.3)
      rack
      uuidtools (~> 2.1)
    cleanroom (1.0.0)
    coderay (1.1.0)
    coercible (1.0.0)
      descendants_tracker (~> 0.0.1)
    dep-selector-libgecode (1.2.0)
    dep_selector (1.0.3)
      dep-selector-libgecode (~> 1.0)
      ffi (~> 1.9)
    descendants_tracker (0.0.4)
      thread_safe (~> 0.3, >= 0.3.1)
    diff-lcs (1.2.5)
    droplet_kit (1.3.0)
      activesupport (> 3.0, < 5.0.0)
      faraday (~> 0.9.1)
      kartograph (~> 0.2.3)
      resource_kit (~> 0.1.4)
      virtus (~> 1.0.3)
    equalizer (0.0.11)
    erubis (2.7.0)
    excon (0.45.4)
    faraday (0.9.2)
      multipart-post (>= 1.2, < 3)
    ffi (1.9.10)
    ffi-yajl (2.2.2)
      libyajl2 (~> 1.2)
    fission (0.5.0)
      CFPropertyList (~> 2.2)
    fog (1.29.0)
      fog-atmos
      fog-aws (~> 0.0)
      fog-brightbox (~> 0.4)
      fog-core (~> 1.27, >= 1.27.4)
      fog-ecloud
      fog-json
      fog-local
      fog-powerdns (>= 0.1.1)
      fog-profitbricks
      fog-radosgw (>= 0.0.2)
      fog-riakcs
      fog-sakuracloud (>= 0.0.4)
      fog-serverlove
      fog-softlayer
      fog-storm_on_demand
      fog-terremark
      fog-vmfusion
      fog-voxel
      fog-xml (~> 0.1.1)
      ipaddress (~> 0.5)
      nokogiri (~> 1.5, >= 1.5.11)
    fog-atmos (0.1.0)
      fog-core
      fog-xml
    fog-aws (0.7.6)
      fog-core (~> 1.27)
      fog-json (~> 1.0)
      fog-xml (~> 0.1)
      ipaddress (~> 0.8)
    fog-brightbox (0.9.0)
      fog-core (~> 1.22)
      fog-json
      inflecto (~> 0.0.2)
    fog-core (1.35.0)
      builder
      excon (~> 0.45)
      formatador (~> 0.2)
    fog-ecloud (0.3.0)
      fog-core
      fog-xml
    fog-json (1.0.2)
      fog-core (~> 1.0)
      multi_json (~> 1.10)
    fog-local (0.2.1)
      fog-core (~> 1.27)
    fog-powerdns (0.1.1)
      fog-core (~> 1.27)
      fog-json (~> 1.0)
      fog-xml (~> 0.1)
    fog-profitbricks (0.0.5)
      fog-core
      fog-xml
      nokogiri
    fog-radosgw (0.0.4)
      fog-core (>= 1.21.0)
      fog-json
      fog-xml (>= 0.0.1)
    fog-riakcs (0.1.0)
      fog-core
      fog-json
      fog-xml
    fog-sakuracloud (1.3.3)
      fog-core
      fog-json
    fog-serverlove (0.1.2)
      fog-core
      fog-json
    fog-softlayer (1.0.1)
      fog-core
      fog-json
    fog-storm_on_demand (0.1.1)
      fog-core
      fog-json
    fog-terremark (0.1.0)
      fog-core
      fog-xml
    fog-vmfusion (0.1.0)
      fission
      fog-core
    fog-voxel (0.1.0)
      fog-core
      fog-xml
    fog-xml (0.1.2)
      fog-core
      nokogiri (~> 1.5, >= 1.5.11)
    formatador (0.2.5)
    fuzzyurl (0.8.0)
    gssapi (1.2.0)
      ffi (>= 1.0.1)
    gyoku (1.3.1)
      builder (>= 2.1.2)
    hashie (3.4.3)
    highline (1.7.8)
    hitimes (1.2.3)
    httpclient (2.7.0)
    i18n (0.7.0)
    ice_nine (0.11.2)
    inflecto (0.0.2)
    iniparse (1.4.2)
    io-console (0.4.6)
    ipaddress (0.8.0)
    json (1.8.3)
    kartograph (0.2.4)
    knife-digital_ocean (2.5.0)
      chef (>= 10.18)
      droplet_kit (~> 1.3.0)
    knife-ec2 (0.12.0)
      fog (~> 1.29.0)
      knife-windows (~> 1.0)
    knife-windows (1.1.1)
      nokogiri
      winrm (~> 1.3)
      winrm-s (~> 0.3.0)
    librarian (0.1.2)
      highline
      thor (~> 0.15)
    librarian-chef (0.0.4)
      chef (>= 0.10)
      librarian (~> 0.1.0)
      minitar (>= 0.5.2)
    libyajl2 (1.2.0)
    little-plugger (1.1.4)
    logging (1.8.2)
      little-plugger (>= 1.1.3)
      multi_json (>= 1.8.4)
    method_source (0.8.2)
    mime-types (2.6.2)
    mini_portile (0.6.2)
    mini_portile2 (2.0.0)
    minitar (0.5.4)
    minitest (5.8.4)
    mixlib-archive (0.1.0)
    mixlib-authentication (1.4.1)
      mixlib-log
    mixlib-cli (1.5.0)
    mixlib-config (2.2.1)
    mixlib-log (1.6.0)
    mixlib-shellout (2.2.3)
    molinillo (0.4.5)
    multi_json (1.11.2)
    multipart-post (2.0.0)
    net-scp (1.2.1)
      net-ssh (>= 2.6.5)
    net-sftp (2.1.2)
      net-ssh (>= 2.6.5)
    net-ssh (2.9.4)
    net-ssh-gateway (1.2.0)
      net-ssh (>= 2.6.5)
    net-ssh-multi (1.2.1)
      net-ssh (>= 2.6.5)
      net-ssh-gateway (>= 1.2.0)
    net-telnet (0.1.1)
    nio4r (1.1.1)
    nokogiri (1.6.7.1)
      mini_portile2 (~> 2.0.0.rc2)
    nori (2.6.0)
    octokit (4.3.0)
      sawyer (~> 0.7.0, >= 0.5.3)
    ohai (8.7.0)
      chef-config (>= 12.5.0.alpha.1, < 13)
      ffi (~> 1.9)
      ffi-yajl (~> 2.2)
      ipaddress
      mime-types (~> 2.0)
      mixlib-cli
      mixlib-config (~> 2.0)
      mixlib-log
      mixlib-shellout (~> 2.0)
      rake (~> 10.1)
      systemu (~> 2.6.4)
      wmi-lite (~> 1.0)
    plist (3.2.0)
    proxifier (1.0.3)
    pry (0.10.3)
      coderay (~> 1.1.0)
      method_source (~> 0.8.1)
      slop (~> 3.4)
    psych (2.0.8)
    rack (1.6.4)
    rake (10.4.2)
    rdoc (4.2.0)
    resource_kit (0.1.4)
      addressable (~> 2.3.6)
    retryable (2.0.2)
    ridley (4.5.1)
      addressable
      buff-config (~> 1.0)
      buff-extensions (~> 1.0)
      buff-ignore (~> 1.1)
      buff-shell_out (~> 0.1)
      celluloid (~> 0.16.0)
      celluloid-io (~> 0.16.1)
      chef-config (>= 12.5.0)
      erubis
      faraday (~> 0.9.0)
      hashie (>= 2.0.2, < 4.0.0)
      httpclient (~> 2.7)
      json (>= 1.7.7)
      mixlib-authentication (>= 1.3.0)
      retryable (~> 2.0)
      semverse (~> 1.1)
      varia_model (~> 0.4.0)
    rspec (3.5.0)
      rspec-core (~> 3.5.0)
      rspec-expectations (~> 3.5.0)
      rspec-mocks (~> 3.5.0)
    rspec-core (3.5.0)
      rspec-support (~> 3.5.0)
    rspec-expectations (3.5.0)
      diff-lcs (>= 1.2.0, < 2.0)
      rspec-support (~> 3.5.0)
    rspec-its (1.2.0)
      rspec-core (>= 3.0.0)
      rspec-expectations (>= 3.0.0)
    rspec-mocks (3.5.0)
      diff-lcs (>= 1.2.0, < 2.0)
      rspec-support (~> 3.5.0)
    rspec-support (3.5.0)
    rspec_junit_formatter (0.2.3)
      builder (< 4)
      rspec-core (>= 2, < 4, != 2.12.0)
    rubyntlm (0.4.0)
    sawyer (0.7.0)
      addressable (>= 2.3.5, < 2.5)
      faraday (~> 0.8, < 0.10)
    semverse (1.2.1)
    serverspec (2.24.2)
      multi_json
      rspec (~> 3.0)
      rspec-its
      specinfra (~> 2.43)
    sfl (2.2)
    slop (3.6.0)
    solve (2.0.3)
      molinillo (~> 0.4.2)
      semverse (~> 1.1)
    specinfra (2.44.1)
      net-scp
      net-ssh (~> 2.7)
      net-telnet
      sfl
    syslog-logger (1.6.8)
    systemu (2.6.5)
    thor (0.19.1)
    thread_safe (0.3.5)
    timers (4.0.4)
      hitimes
    tzinfo (1.2.2)
      thread_safe (~> 0.1)
    uuidtools (2.1.5)
    varia_model (0.4.1)
      buff-extensions (~> 1.0)
      hashie (>= 2.0.2, < 4.0.0)
    virtus (1.0.5)
      axiom-types (~> 0.1)
      coercible (~> 1.0)
      descendants_tracker (~> 0.0, >= 0.0.3)
      equalizer (~> 0.0, >= 0.0.9)
    winrm (1.3.4)
      builder (>= 2.1.2)
      gssapi (~> 1.2)
      gyoku (~> 1.0)
      httpclient (~> 2.2, >= 2.2.0.2)
      logging (~> 1.6, >= 1.6.1)
      nori (~> 2.0)
      rubyntlm (~> 0.4.0)
      uuidtools (~> 2.1.2)
    winrm-s (0.3.1)
      winrm (~> 1.3.0)
    wmi-lite (1.0.0)

PLATFORMS
  ruby

DEPENDENCIES
  CFPropertyList (= 2.3.2)
  activesupport (= 4.2.5.1)
  addressable (= 2.3.8)
  axiom-types (= 0.1.1)
  berkshelf (= 4.3.5)
  berkshelf-api-client (= 2.0.2)
  bigdecimal (= 1.2.6)
  buff-config (= 1.0.1)
  buff-extensions (= 1.0.0)
  buff-ignore (= 1.1.1)
  buff-ruby_engine (= 0.1.0)
  buff-shell_out (= 0.2.0)
  builder (= 3.2.2)
  bundler (= 1.12.5)
  celluloid (= 0.16.0)
  celluloid-io (= 0.16.2)
  chef (= 12.11.18)
  chef-config (= 12.11.18)
  chef-zero (= 4.5.0)
  cleanroom (= 1.0.0)
  coderay (= 1.1.0)
  coercible (= 1.0.0)
  dep-selector-libgecode (= 1.2.0)
  dep_selector (= 1.0.3)
  descendants_tracker (= 0.0.4)
  diff-lcs (= 1.2.5)
  droplet_kit (= 1.3.0)
  equalizer (= 0.0.11)
  erubis (= 2.7.0)
  excon (= 0.45.4)
  faraday (= 0.9.2)
  ffi (= 1.9.10)
  ffi-yajl (= 2.2.2)
  fission (= 0.5.0)
  fog (= 1.29.0)
  fog-atmos (= 0.1.0)
  fog-aws (= 0.7.6)
  fog-brightbox (= 0.9.0)
  fog-core (= 1.35.0)
  fog-ecloud (= 0.3.0)
  fog-json (= 1.0.2)
  fog-local (= 0.2.1)
  fog-powerdns (= 0.1.1)
  fog-profitbricks (= 0.0.5)
  fog-radosgw (= 0.0.4)
  fog-riakcs (= 0.1.0)
  fog-sakuracloud (= 1.3.3)
  fog-serverlove (= 0.1.2)
  fog-softlayer (= 1.0.1)
  fog-storm_on_demand (= 0.1.1)
  fog-terremark (= 0.1.0)
  fog-vmfusion (= 0.1.0)
  fog-voxel (= 0.1.0)
  fog-xml (= 0.1.2)
  formatador (= 0.2.5)
  fuzzyurl (= 0.8.0)
  gssapi (= 1.2.0)
  gyoku (= 1.3.1)
  hashie (= 3.4.3)
  highline (= 1.7.8)
  hitimes (= 1.2.3)
  httpclient (= 2.7.0)
  i18n (= 0.7.0)
  ice_nine (= 0.11.2)
  inflecto (= 0.0.2)
  iniparse (= 1.4.2)
  io-console (= 0.4.6)
  ipaddress (= 0.8.0)
  json (= 1.8.3)
  kartograph (= 0.2.4)
  knife-digital_ocean (= 2.5.0)
  knife-ec2 (= 0.12.0)
  knife-windows (= 1.1.1)
  librarian (= 0.1.2)
  librarian-chef (= 0.0.4)
  libyajl2 (= 1.2.0)
  little-plugger (= 1.1.4)
  logging (= 1.8.2)
  method_source (= 0.8.2)
  mime-types (= 2.6.2)
  mini_portile (= 0.6.2)
  mini_portile2 (= 2.0.0)
  minitar (= 0.5.4)
  minitest (= 5.8.4)
  mixlib-archive (= 0.1.0)
  mixlib-authentication (= 1.4.1)
  mixlib-cli (= 1.5.0)
  mixlib-config (= 2.2.1)
  mixlib-log (= 1.6.0)
  mixlib-shellout (= 2.2.3)
  molinillo (= 0.4.5)
  multi_json (= 1.11.2)
  multipart-post (= 2.0.0)
  net-scp (= 1.2.1)
  net-sftp (= 2.1.2)
  net-ssh (= 2.9.4)
  net-ssh-gateway (= 1.2.0)
  net-ssh-multi (= 1.2.1)
  net-telnet (= 0.1.1)
  nio4r (= 1.1.1)
  nokogiri (= 1.6.7.1)
  nori (= 2.6.0)
  octokit (= 4.3.0)
  ohai (= 8.7.0)
  plist (= 3.2.0)
  proxifier (= 1.0.3)
  pry (= 0.10.3)
  psych (= 2.0.8)
  rack (= 1.6.4)
  rake (= 10.4.2)
  rdoc (= 4.2.0)
  resource_kit (= 0.1.4)
  retryable (= 2.0.2)
  ridley (= 4.5.1)
  rspec (= 3.5.0)
  rspec-core (= 3.5.0)
  rspec-expectations (= 3.5.0)
  rspec-its (= 1.2.0)
  rspec-mocks (= 3.5.0)
  rspec-support (= 3.5.0)
  rspec_junit_formatter (= 0.2.3)
  rubyntlm (= 0.4.0)
  sawyer (= 0.7.0)
  semverse (= 1.2.1)
  serverspec (= 2.24.2)
  sfl (= 2.2)
  slop (= 3.6.0)
  solve (= 2.0.3)
  specinfra (= 2.44.1)
  syslog-logger (= 1.6.8)
  systemu (= 2.6.5)
  thor (= 0.19.1)
  thread_safe (= 0.3.5)
  timers (= 4.0.4)
  tzinfo (= 1.2.2)
  uuidtools (= 2.1.5)
  varia_model (= 0.4.1)
  virtus (= 1.0.5)
  winrm (= 1.3.4)
  winrm-s (= 0.3.1)
  wmi-lite (= 1.0.0)

BUNDLED WITH
   1.12.5
